GEM
  remote: http://rubygems.org/
  specs:
    Saikuro (1.1.0)
    ZenTest (4.5.0)
    abstract (1.0.0)
    actionmailer (3.0.5)
      actionpack (= 3.0.5)
      mail (~> 2.2.15)
    actionpack (3.0.5)
      activemodel (= 3.0.5)
      activesupport (= 3.0.5)
      builder (~> 2.1.2)
      erubis (~> 2.6.6)
      i18n (~> 0.4)
      rack (~> 1.2.1)
      rack-mount (~> 0.6.13)
      rack-test (~> 0.5.7)
      tzinfo (~> 0.3.23)
    activemodel (3.0.5)
      activesupport (= 3.0.5)
      builder (~> 2.1.2)
      i18n (~> 0.4)
    activerecord (3.0.5)
      activemodel (= 3.0.5)
      activesupport (= 3.0.5)
      arel (~> 2.0.2)
      tzinfo (~> 0.3.23)
    activeresource (3.0.5)
      activemodel (= 3.0.5)
      activesupport (= 3.0.5)
    activesupport (3.0.5)
    addressable (2.2.4)
    archive-tar-minitar (0.5.2)
    arel (2.0.9)
    arrayfields (4.7.4)
    autotest-fsevent (0.2.5)
      sys-uname
    autotest-growl (0.2.9)
    autotest-rails (4.1.0)
      ZenTest
    bcrypt-ruby (2.1.4)
    builder (2.1.2)
    capistrano (2.5.20)
      highline
      highline
      net-scp
      net-scp (>= 1.0.0)
      net-sftp
      net-sftp (>= 2.0.0)
      net-ssh (>= 2.0.14)
      net-ssh
      net-ssh-gateway
      net-ssh-gateway (>= 1.0.0)
    chronic (0.3.0)
    churn (0.0.13)
      chronic (>= 0.2.3)
      hirb
      json_pure
      main
      ruby_parser (~> 2.0.4)
      sexp_processor (~> 3.0.3)
    colored (1.2)
    columnize (0.3.2)
    configuration (1.2.0)
    cucumber (0.10.2)
      builder (>= 2.1.2)
      diff-lcs (>= 1.1.2)
      gherkin (>= 2.3.5)
      json (>= 1.4.6)
      term-ansicolor (>= 1.0.5)
    cucumber-rails (0.4.0)
      cucumber (>= 0.10.1)
      nokogiri (>= 1.4.4)
      rack-test (>= 0.5.7)
    database_cleaner (0.6.6)
    diff-lcs (1.1.2)
    erubis (2.6.6)
      abstract (>= 1.0.0)
    factory_girl (1.3.3)
    factory_girl_rails (1.0.1)
      factory_girl (~> 1.3)
      railties (>= 3.0.0)
    faraday (0.5.7)
      addressable (~> 2.2.4)
      multipart-post (~> 1.1.0)
      rack (>= 1.1.0, < 2)
    fattr (2.2.0)
    flay (1.4.2)
      ruby_parser (~> 2.0)
      sexp_processor (~> 3.0)
    flog (2.5.1)
      ruby_parser (~> 2.0)
      sexp_processor (~> 3.0)
    gherkin (2.3.5)
      json (>= 1.4.6)
    haml (3.0.25)
    highline (1.6.1)
    hirb (0.4.3)
    i18n (0.5.0)
    json (1.5.1)
    json_pure (1.5.1)
    launchy (0.4.0)
      configuration (>= 0.0.5)
      rake (>= 0.8.1)
    linecache19 (0.5.12)
      ruby_core_source (>= 0.1.4)
    mail (2.2.15)
      activesupport (>= 2.3.6)
      i18n (>= 0.4.0)
      mime-types (~> 1.16)
      treetop (~> 1.4.8)
    main (4.4.0)
      arrayfields (>= 4.7.4)
      fattr (>= 2.1.0)
    metric_fu (2.1.1)
      Saikuro (>= 1.1.0)
      activesupport (>= 2.0.0)
      chronic (~> 0.3.0)
      churn (>= 0.0.7)
      flay (>= 1.2.1)
      flog (>= 2.3.0)
      rails_best_practices (>= 0.6.4)
      rcov (>= 0.8.3.3)
      reek (>= 1.2.6)
      roodi (>= 2.1.0)
      syntax
    mime-types (1.16)
    multi_json (0.0.5)
    multipart-post (1.1.0)
    net-ldap (0.1.1)
    net-scp (1.0.4)
      net-ssh (>= 1.99.1)
    net-sftp (2.0.5)
      net-ssh (>= 2.0.9)
    net-ssh (2.1.3)
    net-ssh-gateway (1.0.1)
      net-ssh (>= 1.99.1)
    nokogiri (1.4.4)
    oa-basic (0.2.0)
      multi_json (~> 0.0.2)
      nokogiri (~> 1.4.2)
      oa-core (= 0.2.0)
      rest-client (~> 1.6.0)
    oa-core (0.2.0)
      rack (~> 1.1)
    oa-enterprise (0.2.0)
      net-ldap (~> 0.1.1)
      nokogiri (~> 1.4.2)
      oa-core (= 0.2.0)
      pyu-ruby-sasl (~> 0.0.3.1)
      rubyntlm (~> 0.1.1)
    oa-more (0.2.0)
      multi_json (~> 0.0.2)
      oa-core (= 0.2.0)
      rest-client (~> 1.6.0)
    oa-oauth (0.2.0)
      multi_json (~> 0.0.2)
      nokogiri (~> 1.4.2)
      oa-core (= 0.2.0)
      oauth (~> 0.4.0)
      oauth2 (~> 0.1.1)
    oa-openid (0.2.0)
      oa-core (= 0.2.0)
      rack-openid (~> 1.2.0)
      ruby-openid-apps-discovery
    oauth (0.4.4)
    oauth2 (0.1.1)
      faraday (~> 0.5.0)
      multi_json (~> 0.0.4)
    omniauth (0.2.0)
      oa-basic (= 0.2.0)
      oa-core (= 0.2.0)
      oa-enterprise (= 0.2.0)
      oa-more (= 0.2.0)
      oa-oauth (= 0.2.0)
      oa-openid (= 0.2.0)
    pickle (0.4.4)
      cucumber (>= 0.8)
      rake
      rspec (>= 1.3)
      yard
    polyglot (0.3.1)
    pyu-ruby-sasl (0.0.3.2)
    rack (1.2.2)
    rack-mount (0.6.14)
      rack (>= 1.0.0)
    rack-openid (1.2.0)
      rack (>= 1.1.0)
      ruby-openid (>= 2.1.8)
    rack-test (0.5.7)
      rack (>= 1.0)
    rails (3.0.5)
      actionmailer (= 3.0.5)
      actionpack (= 3.0.5)
      activerecord (= 3.0.5)
      activeresource (= 3.0.5)
      activesupport (= 3.0.5)
      bundler (~> 1.0)
      railties (= 3.0.5)
    rails_best_practices (0.7.5)
      activesupport
      colored (~> 1.2)
      erubis (~> 2.6.6)
      haml (~> 3.0.18)
      i18n
      ruby-progressbar (~> 0.0.9)
      ruby_parser (~> 2.0.4)
    railties (3.0.5)
      actionpack (= 3.0.5)
      activesupport (= 3.0.5)
      rake (>= 0.8.7)
      thor (~> 0.14.4)
    rake (0.8.7)
    rcov (0.9.9)
    reek (1.2.8)
      ruby2ruby (~> 1.2)
      ruby_parser (~> 2.0)
      sexp_processor (~> 3.0)
    rest-client (1.6.1)
      mime-types (>= 1.16)
    roodi (2.1.0)
      ruby_parser
    rspec (2.5.0)
      rspec-core (~> 2.5.0)
      rspec-expectations (~> 2.5.0)
      rspec-mocks (~> 2.5.0)
    rspec-core (2.5.1)
    rspec-expectations (2.5.0)
      diff-lcs (~> 1.1.2)
    rspec-mocks (2.5.0)
    rspec-rails (2.5.0)
      actionpack (~> 3.0)
      activesupport (~> 3.0)
      railties (~> 3.0)
      rspec (~> 2.5.0)
    ruby-debug-base19 (0.11.25)
      columnize (>= 0.3.1)
      linecache19 (>= 0.5.11)
      ruby_core_source (>= 0.1.4)
    ruby-debug19 (0.11.6)
      columnize (>= 0.3.1)
      linecache19 (>= 0.5.11)
      ruby-debug-base19 (>= 0.11.19)
    ruby-openid (2.1.8)
    ruby-openid-apps-discovery (1.2.0)
      ruby-openid (>= 2.1.7)
    ruby-progressbar (0.0.9)
    ruby2ruby (1.2.5)
      ruby_parser (~> 2.0)
      sexp_processor (~> 3.0)
    ruby_core_source (0.1.5)
      archive-tar-minitar (>= 0.5.2)
    ruby_parser (2.0.6)
      sexp_processor (~> 3.0)
    rubyntlm (0.1.1)
    sexp_processor (3.0.5)
    simplecov (0.4.2)
      simplecov-html (~> 0.4.4)
    simplecov-html (0.4.4)
    sqlite3 (1.3.3)
    syntax (1.0.0)
    sys-uname (0.8.5)
    term-ansicolor (1.0.5)
    thor (0.14.6)
    timecop (0.3.5)
    treetop (1.4.9)
      polyglot (>= 0.3.1)
    tzinfo (0.3.26)
    webrat (0.7.3)
      nokogiri (>= 1.2.0)
      rack (>= 1.0)
      rack-test (>= 0.5.3)
    yard (0.6.5)

PLATFORMS
  ruby

DEPENDENCIES
  ZenTest (>= 4.5.0)
  autotest-fsevent (>= 0.2.4)
  autotest-growl (>= 0.2.9)
  autotest-rails (>= 4.1.0)
  bcrypt-ruby (= 2.1.4)
  capistrano
  chronic (>= 0.2.3)
  cucumber (>= 0.10.2)
  cucumber-rails (>= 0.4.0)
  database_cleaner (>= 0.6.3)
  factory_girl (>= 1.3.3)
  factory_girl_rails (>= 1.0.1)
  launchy
  metric_fu (>= 2.0.1)
  omniauth (>= 0.2.0)
  pickle (= 0.4.4)
  rails (= 3.0.5)
  rails_best_practices (>= 0.7.1)
  rspec (= 2.5.0)
  rspec-rails (= 2.5.0)
  ruby-debug19 (>= 0.11.6)
  simplecov (>= 0.4.1)
  simplecov-html (>= 0.4.3)
  sqlite3 (>= 1.3.3)
  timecop (>= 0.3.5)
  webrat (>= 0.7.3)
